GEM
  remote: https://rubygems.org/
  specs:
    activesupport (3.2.12)
      i18n (~> 0.6)
      multi_json (~> 1.0)
    i18n (0.6.4)
    multi_json (1.6.1)
    multi_xml (0.5.3)
    nokogiri (1.5.6)
    rack (1.5.2)
    rack-protection (1.5.0)
      rack
    rack-weixin (0.0.3.1)
      multi_xml (>= 0.5.2)
      rack
      roxml
    roxml (3.3.1)
      activesupport (>= 2.3.0)
      nokogiri (>= 1.3.3)
    sinatra (1.4.0)
      rack (~> 1.5, >= 1.5.2)
      rack-protection (~> 1.4)
      tilt (~> 1.3, >= 1.3.4)
    tilt (1.3.5)

PLATFORMS
  ruby

DEPENDENCIES
  rack-weixin
  sinatra
